PATH
  remote: .
  specs:
    activerecord-database-views (0.1.0)

GEM
  remote: https://rubygems.org/
  specs:

PLATFORMS
  ruby

DEPENDENCIES
  activerecord-database-views!
